GEM
  remote: https://rubygems.org/
  specs:
    rake (13.0.6)
    webrick (1.7.0)

PLATFORMS
  x86_64-linux

DEPENDENCIES
  rake (~> 13.0)
  webrick (~> 1.7)

BUNDLED WITH
   2.3.7
